GEM
  remote: https://rubygems.org/
  specs:
    excon (1.0.0)

PLATFORMS
  ruby

DEPENDENCIES
  excon (= 1.0.0)
